PATH
  remote: .
  specs:
    cuba-sugar (0.3.0)
      cuba (~> 3.1.0)
      json (~> 1.7.3)
      rack_csrf (~> 2.4.0)

GEM
  remote: http://rubygems.org/
  specs:
    cuba (3.1.0)
      rack
    cutest (1.1.3)
    json (1.7.3)
    rack (1.4.1)
    rack_csrf (2.4.0)
      rack (>= 0.9)
    rake (0.9.2.2)
    tilt (1.3.3)

PLATFORMS
  ruby

DEPENDENCIES
  cuba-sugar!
  cutest (~> 1.1.3)
  rake
  tilt (~> 1.3.3)
