PATH
  remote: .
  specs:
    cuba-sugar (0.3.1)
      cuba (~> 3.3)
      json (~> 1.7)
      rack_csrf (~> 2.4)

GEM
  remote: http://rubygems.org/
  specs:
    cuba (3.4.0)
      rack
    cutest (1.1.3)
    json (1.8.2)
    rack (1.6.1)
    rack_csrf (2.5.0)
      rack (>= 1.1.0)
    rake (0.9.2.2)
    tilt (1.3.3)

PLATFORMS
  ruby

DEPENDENCIES
  cuba-sugar!
  cutest (~> 1.1.3)
  rake
  tilt (~> 1.3.3)
